GEM
  remote: https://rubygems.org/
  specs:
    autoforme (0.5.0)
      forme (>= 0.9.0)
      rack
      sequel (>= 3.0.0)
    bcrypt-ruby (3.0.1)
    forme (0.9.0)
    pg (0.17.0)
    rack (1.5.2)
    rack-protection (1.5.0)
      rack
    rack_csrf (2.4.0)
      rack (>= 0.9)
    sequel (4.5.0)
    sequel_pg (1.6.8)
      pg (>= 0.8.0)
      sequel (>= 3.39.0)
    sequel_postgresql_triggers (1.0.4)
      sequel
    sinatra (1.4.3)
      rack (~> 1.4)
      rack-protection (~> 1.4)
      tilt (~> 1.3, >= 1.3.4)
    sinatra-flash (0.3.0)
      sinatra (>= 1.0.0)
    tilt (1.4.1)

PLATFORMS
  ruby

DEPENDENCIES
  autoforme
  bcrypt-ruby
  pg
  rack_csrf
  sequel
  sequel_pg
  sequel_postgresql_triggers
  sinatra
  sinatra-flash
